GEM
  remote: https://rubygems.org/
  specs:
    addressable (2.4.0)
    domain_name (0.5.20160310)
      unf (>= 0.0.5, < 1.0.0)
    http (2.0.1)
      addressable (~> 2.3)
      http-cookie (~> 1.0)
      http-form_data (~> 1.0.1)
      http_parser.rb (~> 0.6.0)
    http-cookie (1.0.2)
      domain_name (~> 0.5)
    http-form_data (1.0.1)
    http_parser.rb (0.6.0)
    logstash_auditor (0.0.10)
      http (~> 2)
      soar_auditor_api (~> 0.0.4)
    soar_auditor_api (0.0.4)
    unf (0.1.4)
      unf_ext
    unf_ext (0.0.7.2)

PLATFORMS
  ruby

DEPENDENCIES
  logstash_auditor (~> 0.0.10)

BUNDLED WITH
   1.11.2
